PATH
  remote: ../encrypted_cookie
  specs:
    encrypted_cookie (0.0.4)

GEM
  remote: https://rubygems.org/
  specs:
    activemodel (4.0.1)
      activesupport (= 4.0.1)
      builder (~> 3.1.0)
    activerecord (4.0.1)
      activemodel (= 4.0.1)
      activerecord-deprecated_finders (~> 1.0.2)
      activesupport (= 4.0.1)
      arel (~> 4.0.0)
    activerecord-deprecated_finders (1.0.3)
    activesupport (4.0.1)
      i18n (~> 0.6, >= 0.6.4)
      minitest (~> 4.2)
      multi_json (~> 1.3)
      thread_safe (~> 0.1)
      tzinfo (~> 0.3.37)
    addressable (2.3.5)
    arel (4.0.1)
    atomic (1.1.14)
    builder (3.1.4)
    celluloid (0.15.2)
      timers (~> 1.1.0)
    connection_pool (1.1.0)
    domainatrix (0.0.11)
      addressable
    faraday (0.8.8)
      multipart-post (~> 1.2.0)
    hashie (2.0.5)
    httpauth (0.2.0)
    i18n (0.6.5)
    json (1.8.1)
    jwt (0.1.8)
      multi_json (>= 1.5)
    kgio (2.8.1)
    minitest (4.7.5)
    modularize (0.0.2)
    multi_json (1.8.2)
    multipart-post (1.2.0)
    mutations (0.6.0)
      activesupport
    oauth (0.4.7)
    oauth2 (0.8.1)
      faraday (~> 0.8)
      httpauth (~> 0.1)
      jwt (~> 0.1.4)
      multi_json (~> 1.0)
      rack (~> 1.2)
    omniauth (1.1.4)
      hashie (>= 1.2, < 3)
      rack
    omniauth-github (1.1.1)
      omniauth (~> 1.0)
      omniauth-oauth2 (~> 1.1)
    omniauth-google-oauth2 (0.2.1)
      omniauth (~> 1.0)
      omniauth-oauth2
    omniauth-oauth (1.0.1)
      oauth
      omniauth (~> 1.0)
    omniauth-oauth2 (1.1.1)
      oauth2 (~> 0.8.0)
      omniauth (~> 1.0)
    omniauth-twitter (1.0.1)
      multi_json (~> 1.3)
      omniauth-oauth (~> 1.0)
    pg (0.16.0)
    protected_attributes (1.0.5)
      activemodel (>= 4.0.1, < 5.0)
    public_suffix (1.3.2)
    rack (1.5.2)
    rack-auto-session-domain (0.1.1)
      domainatrix (>= 0.0.11)
    rack-protection (1.5.1)
      rack
    raindrops (0.12.0)
    redis (3.0.6)
    redis-namespace (1.3.2)
      redis (~> 3.0.4)
    require_all (1.3.2)
    restpack_account_service (0.0.5)
      restpack_service
    restpack_core_service (0.0.13)
      public_suffix (~> 1.3.1)
      restpack_service
    restpack_gem (0.0.13)
    restpack_group_service (0.0.8)
      restpack_service
      restpack_service_messaging
    restpack_serializer (0.4.8)
      activerecord (~> 4.0)
      activesupport (~> 4.0)
      protected_attributes (~> 1.0.3)
      restpack_gem (~> 0.0.9)
      will_paginate (~> 3.0)
    restpack_service (0.0.62)
      modularize
      mutations (~> 0.6.0)
      pg (~> 0.16.0)
      protected_attributes (~> 1.0.3)
      require_all (~> 1.3.0)
      restpack_gem
      restpack_serializer
      sidekiq (~> 2.15.1)
      sinatra (~> 1.4.3)
      yajl-ruby (~> 1.1.0)
    restpack_service_messaging (0.0.3)
      mutations (~> 0.6.0)
      require_all (~> 1.3.0)
      restpack_gem
      restpack_service
      rubykiq
    restpack_user_service (0.0.5)
      restpack_service
      restpack_service_messaging
    restpack_web (0.4.1)
      restpack_account_service
      restpack_core_service
      restpack_gem
      restpack_group_service
      restpack_user_service
    rubykiq (0.0.2)
      connection_pool (>= 1.0)
      multi_json (>= 1.0)
      redis (>= 3.0)
      redis-namespace (>= 1.0)
    sidekiq (2.15.2)
      celluloid (>= 0.15.2)
      connection_pool (>= 1.0.0)
      json
      redis (>= 3.0.4)
      redis-namespace (>= 1.3.1)
    sinatra (1.4.4)
      rack (~> 1.4)
      rack-protection (~> 1.4)
      tilt (~> 1.3, >= 1.3.4)
    thread_safe (0.1.3)
      atomic
    tilt (1.4.1)
    timers (1.1.0)
    tzinfo (0.3.38)
    unicorn (4.6.3)
      kgio (~> 2.6)
      rack
      raindrops (~> 0.7)
    will_paginate (3.0.5)
    yajl-ruby (1.1.0)

PLATFORMS
  ruby

DEPENDENCIES
  encrypted_cookie!
  omniauth
  omniauth-github
  omniauth-google-oauth2
  omniauth-twitter
  rack-auto-session-domain
  restpack_web
  sinatra
  unicorn (~> 4.6.2)
